PATH
  remote: .
  specs:
    docu_freight (0.1.0)

GEM
  remote: https://rubygems.org/
  specs:
    bigdecimal (3.1.8)
    diff-lcs (1.5.1)
    matrix (0.4.2)
    pdf-core (0.10.0)
    prawn (2.5.0)
      matrix (~> 0.4)
      pdf-core (~> 0.10.0)
      ttfunk (~> 1.8)
    rake (10.5.0)
    rspec (3.13.0)
      rspec-core (~> 3.13.0)
      rspec-expectations (~> 3.13.0)
      rspec-mocks (~> 3.13.0)
    rspec-core (3.13.0)
      rspec-support (~> 3.13.0)
    rspec-expectations (3.13.1)
      diff-lcs (>= 1.2.0, < 2.0)
      rspec-support (~> 3.13.0)
    rspec-mocks (3.13.1)
      diff-lcs (>= 1.2.0, < 2.0)
      rspec-support (~> 3.13.0)
    rspec-support (3.13.1)
    ttfunk (1.8.0)
      bigdecimal (~> 3.1)

PLATFORMS
  ruby

DEPENDENCIES
  bundler (~> 1.17)
  docu_freight!
  prawn (~> 2.5)
  rake (~> 10.0)
  rspec (~> 3.0)

BUNDLED WITH
   1.17.3
